PATH
  remote: .
  specs:
    real_multiplication (0.0.2)

GEM
  remote: https://rubygems.org/
  specs:

PLATFORMS
  ruby

DEPENDENCIES
  real_multiplication!
