PATH
  remote: .
  specs:
    real_multiplication (0.0.1)

GEM
  remote: https://rubygems.org/
  specs:

PLATFORMS
  ruby

DEPENDENCIES
  real_multiplication!
